GEM
  remote: https://rubygems.org/
  specs:
    addressable (2.2.6)
    excon (0.13.4)
    heroku (2.26.3)
      heroku-api (~> 0.2.1)
      launchy (>= 0.3.2)
      netrc (~> 0.7.2)
      rest-client (~> 1.6.1)
      rubyzip
    heroku-api (0.2.1)
      excon (~> 0.13.3)
    launchy (2.0.5)
      addressable (~> 2.2.6)
    mime-types (1.18)
    netrc (0.7.2)
    rest-client (1.6.7)
      mime-types (>= 1.16)
    rubyzip (0.9.5)

PLATFORMS
  ruby

DEPENDENCIES
  heroku
